GEM
  specs:
    bitters (0.10.1)
      bourbon (>= 3.2)
      sass (>= 3.2)
      thor
    bourbon (4.0.2)
      sass (~> 3.3)
      thor
    colorator (0.1)
    ffi (1.9.3)
    jekyll (3.0.1)
      colorator (~> 0.1)
      jekyll-sass-converter (~> 1.0)
      jekyll-watch (~> 1.1)
      kramdown (~> 1.3)
      liquid (~> 3.0)
      mercenary (~> 0.3.3)
      rouge (~> 1.7)
      safe_yaml (~> 1.0)
    jekyll-compose (0.0.0)
    jekyll-crosspost-to-medium (0.1.2)
    jekyll-paginate (1.1.0)
    jekyll-sass-converter (1.4.0)
      sass (~> 3.4)
    jekyll-watch (1.3.0)
      listen (~> 3.0)
    kramdown (1.4.1)
    liquid (3.0.6)
    listen (3.0.5)
      rb-fsevent (>= 0.9.3)
      rb-inotify (>= 0.9)
    mercenary (0.3.4)
    neat (1.6.0)
      bourbon (>= 3.1)
      sass (>= 3.3)
    rb-fsevent (0.9.4)
    rb-inotify (0.9.5)
      ffi (>= 0.5.0)
    rouge (1.10.1)
    safe_yaml (1.0.3)
    sass (3.4.5)
    thor (0.19.1)

PLATFORMS
  ruby

DEPENDENCIES
  bitters
  bourbon
  jekyll
  jekyll-compose
  jekyll-crosspost-to-medium
  jekyll-paginate
  neat

BUNDLED WITH
   1.11.2
